#DESC	1.2 * DESCRIPTOR INFORMATION ***********************
*
*	Dataset Type and Format:
*
DSRC	EXP
BSEQ	BIG
IKKF	REAL
XTYP	IDX
YTYP	NODATA
ZTYP	NODATA
*
*	Item Formats:
*
IRFMT	D
*
*	Data Ranges and Resolutions:
*
XPTS	1024
XMIN	3227.000000
XWID	200.000000
*
*	Documentational Text:
*
TITL	'20260128_L5C_Rx_batch3_pk32p2'
IRNAM	'1st Harm  0deg Abs'
XNAM	'Field'
IRUNI	''
XUNI	'G'
*
************************************************************
*
#SPL	1.2 * STANDARD PARAMETER LAYER
*
OPER    xuser
DATE    01/29/26
TIME    00:51:30
CMNT    
SAMP    
SFOR    
STAG    C
EXPT    CW
OXS1    IADC
AXS1    B0VL
AXS2    NONE
AXS3    
A1CT    0.3327
A1SW    0.02
MWFQ    9.320495e+09
MWPW    0.002
AVGS    2
SPTP    0.07818
RCAG    40
RCHM    1
B0MA    0.00015
B0MF    100000
RCPH    0.0
RCOF    0.0
A1RS    1024
RCTC    0.00128
*
************************************************************
*
#DSL	1.0 * DEVICE SPECIFIC LAYER
*

.DVC     acqStart, 1.0


.DVC     fieldCtrl, 1.0

AllegroMode        True
CenterField        3327.00 G
Delay              0.0 s
FieldFlyback       On
FieldWait          Wait LED off
GFactor            2.000000
MeasuringHall      False
SetToSampleG       False
StaticFieldMon     3260.000 G
SweepDirection     Up
SweepWidth         200.0 G
WidthTM            200.0 G

.DVC     fieldSweep, 1.0


.DVC     freqCounter, 1.0

FrequencyMon       9.320495 GHz
QMonitBridge       On

.DVC     mwBridge, 1.0

AcqFineTuning      Never
AcqScanFTuning     Off
AcqSliceFTuning    Off
BridgeCalib        60.4
Power              2.000 mW
PowerAtten         20.0 dB

.DVC     recorder, 1.0

BaselineCorr       Off
NbScansAcc         2
NbScansDone        2
NbScansToDo        2
ReplaceMode        Off
SmoothMode         Auto
SmoothPoints       1

.DVC     scanEnd, 1.0


.DVC     signalChannel, 1.0

AFCTrap            True
AllegroMode        True
AllowShortCt       False
Calibrated         True
ConvFact           9.271e-09
ConvTime           78.18 ms
DModAmp            1.00 G
DModCalibrated     True
DModDetectSCT      First
DModEliDelay       1.0 us
DModExtLockIn      False
DModExtTrigger     False
DModFieldMod       First
DModGain           60 dB
DModIntegrator     True
DModModOutput      Internal
DModTimeConst      1.28 ms
DoubleModFreq      3.00 kHz
DoubleModPhase     0.0
DoubleMode         False
DualDetect         OFF
EliDelay           1.0 us
EnableImag         Disable
ExtLockIn          False
ExtTrigger         False
Gain               40 dB
Harmonic           1
HighPass           True
Integrator         False
IsCalibExp         False
ModAmp             1.500 G
ModFreq            100.00 kHz
ModOutput          Internal
ModPhase           0.0
Offset             0.0 %
PolyCof            {2;3,9;0} 0,0.99652,0,0,0.00737177,0,0,-0.00559614,0,0,-2.88221e-05,0,0,1.00404e-05,0,0,3.43695e-08,0,0,-5.0404e-09,0,0,-1.4783e-11,0,0,-1.29132e-12,0
QuadMode           False
ResCenter          62.5 mm
ResLength          40 mm
Resolution         1024
Resonator          1
SctNorm            True
SctRevision        AllegroDMod
SpuExtension       False
SweepTime          80.06 s
TimeConst          1.28 ms
TimeExp            False
TuneCaps           50

*
************************************************************
